PATH
  remote: .
  specs:
    guard-tddium (0.0.1.beta3)
      guard
      rake
      tddium

GEM
  remote: http://rubygems.org/
  specs:
    diff-lcs (1.1.3)
    guard (0.8.8)
      thor (~> 0.14.6)
    highline (1.6.8)
    httparty (0.8.1)
      multi_json
      multi_xml
    json (1.6.3)
    multi_json (1.0.4)
    multi_xml (0.4.1)
    rake (0.9.2.2)
    rdoc (3.11)
      json (~> 1.4)
    redcarpet (2.0.0)
    rspec (2.7.0)
      rspec-core (~> 2.7.0)
      rspec-expectations (~> 2.7.0)
      rspec-mocks (~> 2.7.0)
    rspec-core (2.7.1)
    rspec-expectations (2.7.0)
      diff-lcs (~> 1.1.2)
    rspec-mocks (2.7.0)
    tddium (1.0.1)
      bundler
      highline
      json
      tddium_client (~> 0.1.1)
      thor
    tddium_client (0.1.2)
      httparty
      json
    thor (0.14.6)
    yard (0.7.4)

PLATFORMS
  ruby

DEPENDENCIES
  guard-tddium!
  rake (~> 0.9.2)
  rdoc
  redcarpet
  rspec
  tddium
  yard
